PATH
  remote: .
  specs:
    json_errors (0.1.0)

GEM
  remote: https://rubygems.org/
  specs:
    rake (13.0.6)

PLATFORMS
  x86_64-darwin-21

DEPENDENCIES
  json_errors!
  rake (~> 13.0)

BUNDLED WITH
   2.2.33
